PATH
  remote: .
  specs:
    flockdb (0.6.0)
      thrift (>= 0.5.0)
      thrift_client (>= 0.6.0)

GEM
  remote: http://rubygems.org/
  specs:
    diff-lcs (1.1.2)
    rr (1.0.2)
    rspec (2.5.0)
      rspec-core (~> 2.5.0)
      rspec-expectations (~> 2.5.0)
      rspec-mocks (~> 2.5.0)
    rspec-core (2.5.1)
    rspec-expectations (2.5.0)
      diff-lcs (~> 1.1.2)
    rspec-mocks (2.5.0)
    thrift (0.5.0)
    thrift_client (0.6.0)
      thrift (~> 0.5.0)

PLATFORMS
  ruby

DEPENDENCIES
  flockdb!
  rr
  rspec
